GEM
  remote: https://rubygems.org/
  specs:
    ruby2d (0.9.1)

PLATFORMS
  ruby

DEPENDENCIES
  ruby2d (~> 0.9.1)

BUNDLED WITH
   2.0.1
